GIT
  remote: https://github.com/ambethia/recaptcha.git
  revision: a4141141ff4b23bf13e301f98b1b52fc14cdb824
  specs:
    recaptcha (0.3.4)

GEM
  remote: http://rubygems.org/
  specs:
    actionmailer (3.2.12)
      actionpack (= 3.2.12)
      mail (~> 2.4.4)
    actionpack (3.2.12)
      activemodel (= 3.2.12)
      activesupport (= 3.2.12)
      builder (~> 3.0.0)
      erubis (~> 2.7.0)
      journey (~> 1.0.4)
      rack (~> 1.4.5)
      rack-cache (~> 1.2)
      rack-test (~> 0.6.1)
      sprockets (~> 2.2.1)
    activemodel (3.2.12)
      activesupport (= 3.2.12)
      builder (~> 3.0.0)
    activerecord (3.2.12)
      activemodel (= 3.2.12)
      activesupport (= 3.2.12)
      arel (~> 3.0.2)
      tzinfo (~> 0.3.29)
    activerecord-import (0.2.11)
      activerecord (~> 3.0)
      activerecord (~> 3.0)
    activeresource (3.2.12)
      activemodel (= 3.2.12)
      activesupport (= 3.2.12)
    activesupport (3.2.12)
      i18n (~> 0.6)
      multi_json (~> 1.0)
    addressable (2.3.2)
    anjlab-bootstrap-rails (2.2.1.2)
      railties (>= 3.0)
      sass (>= 3.2)
    annotate (2.5.0)
      rake
    arel (3.0.2)
    awesome_print (1.1.0)
    bcrypt-ruby (3.0.1)
    better_errors (0.5.0)
      coderay (>= 1.0.0)
      erubis (>= 2.6.6)
    binding_of_caller (0.6.8)
    bootstrap-will_paginate (0.0.9)
      will_paginate
    brakeman (1.9.1)
      erubis (~> 2.6)
      fastercsv (~> 1.5)
      haml (~> 3.0)
      highline (~> 1.6)
      multi_json (~> 1.3)
      ruby2ruby (~> 2.0)
      ruby_parser (~> 3.1.1)
      sass (~> 3.0)
      terminal-table (~> 1.4)
    builder (3.0.4)
    bullet (4.3.0)
      uniform_notifier
    cancan (1.6.9)
    capybara (1.1.4)
      mime-types (>= 1.16)
      nokogiri (>= 1.3.3)
      rack (>= 1.0.0)
      rack-test (>= 0.5.4)
      selenium-webdriver (~> 2.0)
      xpath (~> 0.1.4)
    capybara-webkit (0.12.1)
      capybara (>= 1.0.0, < 1.2)
      json
    carrierwave (0.7.1)
      activemodel (>= 3.2.0)
      activesupport (>= 3.2.0)
    childprocess (0.3.8)
      ffi (~> 1.0, >= 1.0.11)
    code_analyzer (0.3.1)
      sexp_processor
    coderay (1.0.8)
    coffee-rails (3.2.2)
      coffee-script (>= 2.2.0)
      railties (~> 3.2.0)
    coffee-script (2.2.0)
      coffee-script-source
      execjs
    coffee-script-source (1.4.0)
    colored (1.2)
    daemons (1.1.9)
    dalli (2.6.2)
    database_cleaner (0.9.1)
    deferred_associations (0.5.4)
      activerecord
    delayed_job (3.0.5)
      activesupport (~> 3.0)
    delayed_job_active_record (0.3.3)
      activerecord (>= 2.1.0, < 4)
      delayed_job (~> 3.0)
    devise (2.1.3)
      bcrypt-ruby (~> 3.0)
      orm_adapter (~> 0.1)
      railties (~> 3.1)
      warden (~> 1.2.1)
    devise-async (0.4.0)
      devise (>= 1.1)
    devise-i18n (0.5.13)
    diff-lcs (1.1.3)
    dj_mon (1.1.0)
      haml (~> 3.1)
      rails (~> 3.1)
    erubis (2.7.0)
    eventmachine (1.0.0)
    excon (0.16.10)
    execjs (1.4.0)
      multi_json (~> 1.0)
    factory_girl (4.1.0)
      activesupport (>= 3.0.0)
    factory_girl_rails (4.1.0)
      factory_girl (~> 4.1.0)
      railties (>= 3.0.0)
    faker (1.1.2)
      i18n (~> 0.5)
    faraday (0.8.5)
      multipart-post (~> 1.1)
    fastercsv (1.5.5)
    ffi (1.3.1)
    fog (1.7.0)
      builder
      excon (~> 0.14)
      formatador (~> 0.2.0)
      mime-types
      multi_json (~> 1.0)
      net-scp (~> 1.0.4)
      net-ssh (>= 2.1.3)
      nokogiri (~> 1.5.0)
      ruby-hmac
    foreigner (1.2.1)
      activerecord (>= 3.0.0)
    foreman (0.60.2)
      thor (>= 0.13.6)
    formatador (0.2.4)
    globalize3 (0.2.0)
      activemodel (>= 3.0.0)
      activerecord (>= 3.0.0)
      paper_trail (~> 2)
    google_drive (0.3.3)
      nokogiri (>= 1.4.4, != 1.5.2, != 1.5.1)
      oauth (>= 0.3.6)
      oauth2 (>= 0.5.0)
    guard (1.5.4)
      listen (>= 0.4.2)
      lumberjack (>= 1.0.2)
      pry (>= 0.9.10)
      thor (>= 0.14.6)
    guard-brakeman (0.6.3)
      brakeman (>= 1.8.2)
      guard (>= 1.1.0)
    guard-rspec (1.2.1)
      guard (>= 1.1)
    guard-spork (1.2.3)
      childprocess (>= 0.2.3)
      guard (>= 1.1)
      spork (>= 0.8.4)
      sys-proctable
    haml (3.1.8)
    highline (1.6.15)
    hike (1.2.1)
    http_accept_language (1.0.2)
    httpauth (0.2.0)
    i18n (0.6.1)
    i18n-country-translations (0.0.9)
      i18n (~> 0.5)
      railties (>= 3.0.0)
    i18n-js (2.1.2)
      i18n
    i18n_country_select (1.0.16)
      i18n (~> 0.5)
      i18n-country-translations (>= 0.0.9)
      sort_alphabetical (>= 0.1.3)
    journey (1.0.4)
    jquery-rails (2.1.4)
      railties (>= 3.0, < 5.0)
      thor (>= 0.14, < 2.0)
    json (1.7.7)
    jwt (0.1.5)
      multi_json (>= 1.0)
    launchy (2.2.0)
      addressable (~> 2.3)
    letter_opener (1.1.0)
      launchy (~> 2.2.0)
    libnotify (0.8.0)
      ffi (>= 1.0.11)
    listen (0.7.2)
    lumberjack (1.0.2)
    mail (2.4.4)
      i18n (>= 0.4.0)
      mime-types (~> 1.16)
      treetop (~> 1.4.8)
    memcachier (0.0.2)
    meta_request (0.2.1)
      rack-contrib
      rails
    method_source (0.8.1)
    mime-types (1.21)
    mini_magick (3.4)
      subexec (~> 0.2.1)
    multi_json (1.6.0)
    multi_xml (0.5.3)
    multipart-post (1.1.5)
    net-scp (1.0.4)
      net-ssh (>= 1.99.1)
    net-ssh (2.6.5)
    nokogiri (1.5.6)
    oauth (0.4.7)
    oauth2 (0.9.0)
      faraday (~> 0.8)
      httpauth (~> 0.1)
      jwt (~> 0.1.4)
      multi_json (~> 1.0)
      multi_xml (~> 0.5)
      rack (~> 1.2)
    orm_adapter (0.4.0)
    paper_trail (2.7.0)
      activerecord (~> 3.0)
      railties (~> 3.0)
    pg (0.14.1)
    polyamorous (0.5.0)
      activerecord (~> 3.0)
    polyglot (0.3.3)
    pry (0.9.12)
      coderay (~> 1.0.5)
      method_source (~> 0.8)
      slop (~> 3.4)
    public_activity (1.0.2)
      actionpack (~> 3.0)
      activesupport (~> 3.0)
      i18n (>= 0.5.0)
      railties (~> 3.0)
    rack (1.4.5)
    rack-cache (1.2)
      rack (>= 0.4)
    rack-contrib (1.1.0)
      rack (>= 0.9.1)
    rack-mini-profiler (0.1.23)
      rack (>= 1.1.3)
    rack-ssl (1.3.3)
      rack
    rack-test (0.6.2)
      rack (>= 1.0)
    rails (3.2.12)
      actionmailer (= 3.2.12)
      actionpack (= 3.2.12)
      activerecord (= 3.2.12)
      activeresource (= 3.2.12)
      activesupport (= 3.2.12)
      bundler (~> 1.0)
      railties (= 3.2.12)
    rails-i18n (0.7.2)
      i18n (~> 0.5)
    rails_best_practices (1.13.4)
      activesupport
      awesome_print
      code_analyzer
      colored
      erubis
      i18n
      ruby-progressbar
    railties (3.2.12)
      actionpack (= 3.2.12)
      activesupport (= 3.2.12)
      rack-ssl (~> 1.3.2)
      rake (>= 0.8.7)
      rdoc (~> 3.4)
      thor (>= 0.14.6, < 2.0)
    rake (10.0.3)
    rb-inotify (0.8.8)
      ffi (>= 0.5.0)
    rdoc (3.12.1)
      json (~> 1.4)
    routing-filter (0.3.1)
      actionpack
    rspec-core (2.12.2)
    rspec-expectations (2.12.1)
      diff-lcs (~> 1.1.3)
    rspec-mocks (2.12.2)
    rspec-rails (2.12.2)
      actionpack (>= 3.0)
      activesupport (>= 3.0)
      railties (>= 3.0)
      rspec-core (~> 2.12.0)
      rspec-expectations (~> 2.12.0)
      rspec-mocks (~> 2.12.0)
    ruby-hmac (0.4.0)
    ruby-progressbar (1.0.2)
    ruby2ruby (2.0.3)
      ruby_parser (~> 3.1)
      sexp_processor (~> 4.0)
    ruby_parser (3.1.1)
      sexp_processor (~> 4.1)
    rubyzip (0.9.9)
    sass (3.2.5)
    sass-rails (3.2.6)
      railties (~> 3.2.0)
      sass (>= 3.1.10)
      tilt (~> 1.3)
    selenium-webdriver (2.29.0)
      childprocess (>= 0.2.5)
      multi_json (~> 1.0)
      rubyzip
      websocket (~> 1.0.4)
    sexp_processor (4.1.4)
    simple_enum (1.6.4)
      activesupport (>= 3.0.0)
    simple_form (2.0.4)
      actionpack (~> 3.0)
      activemodel (~> 3.0)
    simplecov (0.7.1)
      multi_json (~> 1.0)
      simplecov-html (~> 0.7.1)
    simplecov-html (0.7.1)
    slop (3.4.3)
    sort_alphabetical (0.1.3)
      activesupport
    spork (0.9.2)
    sprockets (2.2.2)
      hike (~> 1.2)
      multi_json (~> 1.0)
      rack (~> 1.0)
      tilt (~> 1.1, != 1.3.0)
    squeel (1.0.16)
      activerecord (~> 3.0)
      activesupport (~> 3.0)
      polyamorous (~> 0.5.0)
    state_machine (1.1.2)
    subexec (0.2.2)
    sys-proctable (0.9.2)
    terminal-table (1.4.5)
    thin (1.5.0)
      daemons (>= 1.0.9)
      eventmachine (>= 0.12.6)
      rack (>= 1.0.0)
    thor (0.17.0)
    tilt (1.3.3)
    timeliness (0.3.7)
    treetop (1.4.12)
      polyglot
      polyglot (>= 0.3.1)
    turnout (0.2.2)
      nokogiri (~> 1.3)
    tzinfo (0.3.35)
    uglifier (1.3.0)
      execjs (>= 0.3.0)
      multi_json (~> 1.0, >= 1.0.2)
    uniform_notifier (1.1.1)
    validates_timeliness (3.0.14)
      timeliness (~> 0.3.6)
    warden (1.2.1)
      rack (>= 1.0)
    webshims-rails (0.4.7)
      rails (> 3.1.0)
    websocket (1.0.7)
    will-paginate-i18n (0.1.13)
    will_paginate (3.0.4)
    xpath (0.1.4)
      nokogiri (~> 1.3)

PLATFORMS
  ruby

DEPENDENCIES
  activerecord-import (~> 0.2.11)
  anjlab-bootstrap-rails (~> 2.2.1.2)
  annotate (~> 2.5.0.pre)
  better_errors
  binding_of_caller
  bootstrap-will_paginate (~> 0.0.9)
  bullet (~> 4.2)
  cancan (~> 1.6.8)
  capybara (~> 1.1.2)
  capybara-webkit (~> 0.12.1)
  carrierwave (~> 0.7.0)
  coffee-rails (~> 3.2.2)
  daemons (~> 1.1.9)
  dalli
  database_cleaner (~> 0.9.1)
  deferred_associations (~> 0.5.4)
  delayed_job_active_record (~> 0.3.3)
  devise (~> 2.1.2)
  devise-async (~> 0.4.0)
  devise-i18n (~> 0.5.11)
  dj_mon (~> 1.1.0)
  factory_girl_rails (~> 4.1.0)
  faker (~> 1.0)
  fog (~> 1.7.0)
  foreigner (~> 1.2.1)
  foreman (~> 0.60.2)
  globalize3 (~> 0.2.0)
  google_drive (~> 0.3.2)
  guard (~> 1.5.4)
  guard-brakeman (~> 0)
  guard-rspec (~> 1.2.1)
  guard-spork (~> 1.2.3)
  http_accept_language (~> 1.0.2)
  i18n-js (~> 2.1.2)
  i18n_country_select (~> 1.0.12)
  jquery-rails (~> 2.1.0)
  letter_opener (~> 1.0)
  libnotify (~> 0.8.0)
  memcachier
  meta_request
  mini_magick (~> 3.4.0)
  pg (~> 0.14.1)
  public_activity (~> 1.0.2)
  rack-mini-profiler (~> 0)
  rails (~> 3.2.5)
  rails-i18n (~> 0.7.0)
  rails_best_practices (~> 1)
  railties (~> 3.2.5)
  rb-inotify (~> 0.8.8)
  recaptcha!
  routing-filter (~> 0.3.1)
  rspec-rails (~> 2.10)
  sass-rails (~> 3.2.3)
  simple_enum (~> 1.6.1)
  simple_form (~> 2.0.2)
  simplecov (~> 0.7)
  spork (~> 0.9.2)
  squeel (~> 1.0.13)
  state_machine (~> 1.1.2)
  thin (~> 1.5.0)
  turnout (~> 0.2.2)
  uglifier (~> 1.3.0)
  validates_timeliness (~> 3.0.12)
  webshims-rails (~> 0.4.4)
  will-paginate-i18n (~> 0.1.11)
  will_paginate (~> 3.0.3)
